GIT
  remote: git@github.com:zurb/foundation.git
  revision: a92204053671f5298ad56cac227605a836836017
  specs:
    zurb-foundation (3.2.0)
      compass (>= 0.12.2)
      modular-scale (>= 1.0.2)
      rake
      sass (>= 3.2.0)

GEM
  remote: http://rubygems.org/
  specs:
    RedCloth (4.2.9)
    chunky_png (1.2.6)
    classifier (1.3.3)
      fast-stemmer (>= 1.0.0)
    colorator (0.1)
    commander (4.1.3)
      highline (~> 1.6.11)
    compass (0.12.2)
      chunky_png (~> 1.2)
      fssm (>= 0.2.7)
      sass (~> 3.1)
    directory_watcher (1.4.1)
    dotenv (0.7.0)
    fast-stemmer (1.0.2)
    foreman (0.63.0)
      dotenv (>= 0.7)
      thor (>= 0.13.6)
    fssm (0.2.9)
    haml (4.0.3)
      tilt
    highline (1.6.19)
    jekyll (1.0.2)
      classifier (~> 1.3)
      colorator (~> 0.1)
      commander (~> 4.1.3)
      directory_watcher (~> 1.4.1)
      kramdown (~> 1.0.2)
      liquid (~> 2.3)
      maruku (~> 0.5)
      pygments.rb (~> 0.5.0)
      safe_yaml (~> 0.7.0)
    kramdown (1.0.2)
    liquid (2.5.0)
    maruku (0.6.1)
      syntax (>= 1.0.0)
    modular-scale (1.0.2)
      compass (>= 0.11.5)
      sassy-math (>= 1.2)
    posix-spawn (0.3.6)
    pygments.rb (0.5.0)
      posix-spawn (~> 0.3.6)
      yajl-ruby (~> 1.1.0)
    rake (0.9.2.2)
    rdiscount (2.0.7.3)
    safe_yaml (0.7.1)
    sass (3.2.2)
    sassy-math (1.2)
      compass (~> 0.11)
    syntax (1.0.0)
    thor (0.18.1)
    tilt (1.4.1)
    yajl-ruby (1.1.0)

PLATFORMS
  ruby

DEPENDENCIES
  RedCloth (~> 4.2.9)
  compass (~> 0.12.2)
  foreman (~> 0.63.0)
  haml (~> 4.0.3)
  jekyll (~> 1.0.0)
  rdiscount (~> 2.0)
  sass (~> 3.2.2)
  zurb-foundation!
